GIT
  remote: git@github.com:martinemde/git-ssh-wrapper.git
  revision: a6b08439930ca878d21fdaef8dafb1e24e7ff6c1
  specs:
    git-ssh-wrapper (0.2.0)

GEM
  remote: http://rubygems.org/
  specs:
    haml (3.0.18)
    rack (1.2.1)
    sinatra (1.0)
      rack (>= 1.0)
    unicorn (1.1.2)
      rack

PLATFORMS
  ruby

DEPENDENCIES
  git-ssh-wrapper!
  haml
  sinatra
  unicorn
